PATH
  remote: .
  specs:
    syntax_tree-disable_modifier_conversion (0.1.0)

GEM
  remote: https://rubygems.org/
  specs:
    rake (13.0.6)

PLATFORMS
  arm64-darwin-21
  arm64-darwin-22

DEPENDENCIES
  rake (~> 13.0)
  syntax_tree-disable_modifier_conversion!

BUNDLED WITH
   2.3.7
